GEM
  remote: https://rubygems.org/
  specs:
    aws-sdk (2.5.8)
      aws-sdk-resources (= 2.5.8)
    aws-sdk-core (2.5.8)
      jmespath (~> 1.0)
    aws-sdk-resources (2.5.8)
      aws-sdk-core (= 2.5.8)
    coderay (1.1.1)
    colorize (0.8.1)
    jmespath (1.3.1)
    method_source (0.8.2)
    pry (0.10.4)
      coderay (~> 1.1.0)
      method_source (~> 0.8.1)
      slop (~> 3.4)
    rake (11.2.2)
    slop (3.6.0)

PLATFORMS
  ruby

DEPENDENCIES
  aws-sdk
  colorize
  pry
  rake

BUNDLED WITH
   1.12.5
